GEM
  remote: https://rubygems.org/
  specs:
    ast (2.4.2)
    language_server-protocol (3.17.0.2)
    parallel (1.21.0)
    parser (3.1.0.0)
      ast (~> 2.4.1)
    prettier_print (1.2.0)
    rainbow (3.1.1)
    regexp_parser (2.2.0)
    rexml (3.2.5)
    rubocop (1.25.0)
      parallel (~> 1.10)
      parser (>= 3.1.0.0)
      rainbow (>= 2.2.2, < 4.0)
      regexp_parser (>= 1.8, < 3.0)
      rexml
      rubocop-ast (>= 1.15.1, < 2.0)
      ruby-progressbar (~> 1.7)
      unicode-display_width (>= 1.4.0, < 3.0)
    rubocop-ast (1.15.1)
      parser (>= 3.0.1.1)
    ruby-lsp (0.3.8)
      language_server-protocol (~> 3.17.0)
      sorbet-runtime
      syntax_tree (>= 5.0.0, < 6)
    ruby-progressbar (1.11.0)
    sorbet-runtime (0.5.10626)
    syntax_tree (5.2.0)
      prettier_print (>= 1.2.0)
    unicode-display_width (2.1.0)

PLATFORMS
  x64-mingw-ucrt

DEPENDENCIES
  rubocop (>= 1.0, < 2.0)
  ruby-lsp (~> 0.3.8)

BUNDLED WITH
   2.3.3
